GEM
  specs:
    dotenv (2.8.1)

PLATFORMS
  arm64-darwin-22

DEPENDENCIES
  dotenv

BUNDLED WITH
   2.4.21
