PATH
  remote: .
  specs:
    obfuskit (0.3.0)

GEM
  remote: https://rubygems.org/
  specs:
    cgi (0.4.1)
    diff-lcs (1.5.1)
    dotenv (2.8.1)
    erb (4.0.4)
      cgi (>= 0.3.3)
    rake (13.2.0)
    rspec (3.13.0)
      rspec-core (~> 3.13.0)
      rspec-expectations (~> 3.13.0)
      rspec-mocks (~> 3.13.0)
    rspec-core (3.13.0)
      rspec-support (~> 3.13.0)
    rspec-expectations (3.13.0)
      diff-lcs (>= 1.2.0, < 2.0)
      rspec-support (~> 3.13.0)
    rspec-mocks (3.13.0)
      diff-lcs (>= 1.2.0, < 2.0)
      rspec-support (~> 3.13.0)
    rspec-support (3.13.1)

PLATFORMS
  arm64-darwin-22
  x86_64-linux

DEPENDENCIES
  dotenv (~> 2.8.1)
  erb (~> 4.0.4)
  obfuskit!
  rake (~> 13.0)
  rspec (~> 3.0)

BUNDLED WITH
   2.5.4
